GEM
  remote: https://rubygems.org/
  specs:
    colorize (0.7.7)
    combinatorics (0.4.3)

PLATFORMS
  ruby

DEPENDENCIES
  colorize
  combinatorics

BUNDLED WITH
   1.10.6
